GEM
  remote: http://rubygems.org/
  specs:
    POpen4 (0.1.4)
      Platform (>= 0.4.0)
      open4
    Platform (0.4.0)
    classifier (1.3.3)
      fast-stemmer (>= 1.0.0)
    coffee-script (2.2.0)
      coffee-script-source
      execjs
    coffee-script-source (1.6.1)
    directory_watcher (1.4.1)
    execjs (1.4.0)
      multi_json (~> 1.0)
    fast-stemmer (1.0.2)
    gsl (1.15.3)
      narray (>= 0.5.9)
    jekyll (0.12.1)
      classifier (~> 1.3)
      directory_watcher (~> 1.1)
      kramdown (~> 0.14)
      liquid (~> 2.3)
      maruku (~> 0.5)
      pygments.rb (~> 0.3.2)
    jekyll-asset-pipeline (0.1.6)
      jekyll (~> 0.12)
      liquid (~> 2.4)
    kramdown (0.14.2)
    liquid (2.5.0)
    maruku (0.6.1)
      syntax (>= 1.0.0)
    multi_json (1.7.0)
    narray (0.6.0.8)
    open4 (1.3.0)
    posix-spawn (0.3.6)
    pygments.rb (0.3.7)
      posix-spawn (~> 0.3.6)
      yajl-ruby (~> 1.1.0)
    sass (3.2.7)
    syntax (1.0.0)
    yajl-ruby (1.1.0)
    yui-compressor (0.9.6)
      POpen4 (>= 0.1.4)

PLATFORMS
  ruby

DEPENDENCIES
  coffee-script (~> 2.2.0)
  gsl (~> 1.15.3)
  jekyll (~> 0.12.1)
  jekyll-asset-pipeline (~> 0.1.6)
  sass (~> 3.2.7)
  yui-compressor (~> 0.9.6)
